GEM
  remote: https://rubygems.org/
  specs:
    Ascii85 (2.0.1)
    afm (0.2.2)
    amatch (0.4.1)
      mize
      tins (~> 1.0)
    base64 (0.2.0)
    bigdecimal (3.1.9)
    childprocess (5.1.0)
      logger (~> 1.5)
    complex_config (0.22.2)
      base64
      json
      mize (~> 0.3, >= 0.3.4)
      tins
    connection_pool (2.5.0)
    documentrix (0.0.1)
      infobar (~> 0.8)
      json (~> 2.0)
      kramdown-ansi (~> 0.0, >= 0.0.1)
      more_math (~> 1.1)
      numo-narray (~> 0.9)
      redis (~> 5.0)
      sqlite-vec (~> 0.0)
      sqlite3 (~> 2.0, >= 2.0.1)
      tins (~> 1.34)
    event_stream_parser (1.0.0)
    excon (1.2.5)
      logger
    faraday (2.12.2)
      faraday-net_http (>= 2.0, < 3.5)
      json
      logger
    faraday-multipart (1.1.0)
      multipart-post (~> 2.0)
    faraday-net_http (3.4.0)
      net-http (>= 0.5.0)
    hashery (2.1.2)
    infobar (0.9.0)
      complex_config (~> 0.10)
      more_math
      term-ansicolor (~> 1.4)
      tins (~> 1.0, >= 1.28.0)
    json (2.7.6)
    kramdown (2.5.1)
      rexml (>= 3.3.9)
    kramdown-ansi (0.0.3)
      kramdown-parser-gfm (~> 1.1)
      term-ansicolor (~> 1.11)
      terminal-table (~> 3.0)
    kramdown-parser-gfm (1.1.0)
      kramdown (~> 2.0)
    logger (1.7.0)
    mime-types (3.6.2)
      logger
      mime-types-data (~> 3.2015)
    mime-types-data (3.2025.0402)
    mize (0.6.1)
    more_math (1.3.0)
      mize
      tins (~> 1.0)
    multipart-post (2.4.1)
    net-http (0.6.0)
      uri
    nokogiri (1.18.7-arm64-darwin)
      racc (~> 1.4)
    nokogiri (1.18.7-x86_64-darwin)
      racc (~> 1.4)
    nokogiri (1.18.7-x86_64-linux-gnu)
      racc (~> 1.4)
    nokogiri (1.18.7-x86_64-linux-musl)
      racc (~> 1.4)
    numo-narray (0.9.2.1)
    ollama-ruby (0.13.0)
      amatch (~> 0.4.1)
      complex_config (~> 0.22, >= 0.22.2)
      documentrix (~> 0.0)
      excon (~> 1.0)
      infobar (~> 0.8)
      json (~> 2.0)
      kramdown-ansi (~> 0.0, >= 0.0.1)
      logger (~> 1.0)
      mime-types (~> 3.0)
      ostruct (~> 0.0)
      pdf-reader (~> 2.0)
      redis (~> 5.0)
      reverse_markdown (~> 3.0)
      rss (~> 0.3)
      search_ui (~> 0.0)
      term-ansicolor (~> 1.11)
      tins (~> 1.34)
      xdg (~> 7.0)
    ostruct (0.6.1)
    pdf-reader (2.14.1)
      Ascii85 (>= 1.0, < 3.0, != 2.0.0)
      afm (~> 0.2.1)
      hashery (~> 2.0)
      ruby-rc4
      ttfunk
    racc (1.8.1)
    redis (5.4.0)
      redis-client (>= 0.22.0)
    redis-client (0.24.0)
      connection_pool
    retriable (3.1.2)
    reverse_markdown (3.0.0)
      nokogiri
    rexml (3.4.1)
    rss (0.3.1)
      rexml
    ruby-openai (7.1.0)
      event_stream_parser (>= 0.3.0, < 2.0.0)
      faraday (>= 1)
      faraday-multipart (>= 1)
    ruby-rc4 (0.1.5)
    safe_ruby (1.0.5)
      childprocess (~> 5)
    search_ui (0.0.5)
      amatch (~> 0.0)
      term-ansicolor (~> 1.0)
      tins (~> 1.0)
    smart_prompt (0.2.2)
      json (~> 2.7.1)
      ollama-ruby (~> 0.13.0)
      retriable (~> 3.1.2)
      ruby-openai (~> 7.1.0)
      safe_ruby (~> 1.0.4)
      yaml (~> 0.3.0)
    sqlite-vec (0.1.6-arm64-darwin)
    sqlite-vec (0.1.6-x86_64-darwin)
    sqlite-vec (0.1.6-x86_64-linux)
    sqlite3 (2.6.0-arm64-darwin)
    sqlite3 (2.6.0-x86_64-darwin)
    sqlite3 (2.6.0-x86_64-linux-gnu)
    sqlite3 (2.6.0-x86_64-linux-musl)
    sync (0.5.0)
    term-ansicolor (1.11.2)
      tins (~> 1.0)
    terminal-table (3.0.2)
      unicode-display_width (>= 1.1.1, < 3)
    tins (1.38.0)
      bigdecimal
      sync
    ttfunk (1.8.0)
      bigdecimal (~> 3.1)
    unicode-display_width (2.6.0)
    uri (1.0.3)
    xdg (7.1.2)
    yaml (0.3.0)

PLATFORMS
  arm64-darwin
  x86_64-darwin
  x86_64-linux-gnu
  x86_64-linux-musl

DEPENDENCIES
  smart_prompt

BUNDLED WITH
   2.6.4
